GEM
  remote: https://rubygems.org/
  specs:
    actioncable (7.1.0.rc2)
      actionpack (= 7.1.0.rc2)
      activesupport (= 7.1.0.rc2)
      nio4r (~> 2.0)
      websocket-driver (>= 0.6.1)
      zeitwerk (~> 2.6)
    actionmailbox (7.1.0.rc2)
      actionpack (= 7.1.0.rc2)
      activejob (= 7.1.0.rc2)
      activerecord (= 7.1.0.rc2)
      activestorage (= 7.1.0.rc2)
      activesupport (= 7.1.0.rc2)
      mail (>= 2.7.1)
      net-imap
      net-pop
      net-smtp
    actionmailer (7.1.0.rc2)
      actionpack (= 7.1.0.rc2)
      actionview (= 7.1.0.rc2)
      activejob (= 7.1.0.rc2)
      activesupport (= 7.1.0.rc2)
      mail (~> 2.5, >= 2.5.4)
      net-imap
      net-pop
      net-smtp
      rails-dom-testing (~> 2.2)
    actionpack (7.1.0.rc2)
      actionview (= 7.1.0.rc2)
      activesupport (= 7.1.0.rc2)
      nokogiri (>= 1.8.5)
      rack (>= 2.2.4)
      rack-session (>= 1.0.1)
      rack-test (>= 0.6.3)
      rails-dom-testing (~> 2.2)
      rails-html-sanitizer (~> 1.6)
    actiontext (7.1.0.rc2)
      actionpack (= 7.1.0.rc2)
      activerecord (= 7.1.0.rc2)
      activestorage (= 7.1.0.rc2)
      activesupport (= 7.1.0.rc2)
      globalid (>= 0.6.0)
      nokogiri (>= 1.8.5)
    actionview (7.1.0.rc2)
      activesupport (= 7.1.0.rc2)
      builder (~> 3.1)
      erubi (~> 1.11)
      rails-dom-testing (~> 2.2)
      rails-html-sanitizer (~> 1.6)
    activejob (7.1.0.rc2)
      activesupport (= 7.1.0.rc2)
      globalid (>= 0.3.6)
    activemodel (7.1.0.rc2)
      activesupport (= 7.1.0.rc2)
    activerecord (7.1.0.rc2)
      activemodel (= 7.1.0.rc2)
      activesupport (= 7.1.0.rc2)
      timeout (>= 0.4.0)
    activestorage (7.1.0.rc2)
      actionpack (= 7.1.0.rc2)
      activejob (= 7.1.0.rc2)
      activerecord (= 7.1.0.rc2)
      activesupport (= 7.1.0.rc2)
      marcel (~> 1.0)
    activesupport (7.1.0.rc2)
      base64
      bigdecimal
      concurrent-ruby (~> 1.0, >= 1.0.2)
      connection_pool (>= 2.2.5)
      drb
      i18n (>= 1.6, < 2)
      minitest (>= 5.1)
      mutex_m
      tzinfo (~> 2.0)
    base64 (0.1.1)
    bigdecimal (3.1.4)
    bootsnap (1.16.0)
      msgpack (~> 1.2)
    builder (3.2.4)
    concurrent-ruby (1.2.2)
    connection_pool (2.4.1)
    crass (1.0.6)
    date (3.3.3)
    debug (1.8.0)
      irb (>= 1.5.0)
      reline (>= 0.3.1)
    drb (2.1.1)
      ruby2_keywords
    erubi (1.12.0)
    faker (3.2.1)
      i18n (>= 1.8.11, < 2)
    globalid (1.2.1)
      activesupport (>= 6.1)
    i18n (1.14.1)
      concurrent-ruby (~> 1.0)
    io-console (0.6.0)
    irb (1.7.4)
      reline (>= 0.3.6)
    kaminari (1.2.2)
      activesupport (>= 4.1.0)
      kaminari-actionview (= 1.2.2)
      kaminari-activerecord (= 1.2.2)
      kaminari-core (= 1.2.2)
    kaminari-actionview (1.2.2)
      actionview
      kaminari-core (= 1.2.2)
    kaminari-activerecord (1.2.2)
      activerecord
      kaminari-core (= 1.2.2)
    kaminari-core (1.2.2)
    loofah (2.21.3)
      crass (~> 1.0.2)
      nokogiri (>= 1.12.0)
    mail (2.8.1)
      mini_mime (>= 0.1.1)
      net-imap
      net-pop
      net-smtp
    marcel (1.0.2)
    mini_mime (1.1.5)
    minitest (5.19.0)
    msgpack (1.7.2)
    mutex_m (0.1.2)
    net-imap (0.3.7)
      date
      net-protocol
    net-pop (0.1.2)
      net-protocol
    net-protocol (0.2.1)
      timeout
    net-smtp (0.4.0)
      net-protocol
    nio4r (2.5.9)
    nokogiri (1.15.4-x86_64-linux)
      racc (~> 1.4)
    puma (5.6.7)
      nio4r (~> 2.0)
    racc (1.7.1)
    rack (2.2.8)
    rack-cors (2.0.1)
      rack (>= 2.0.0)
    rack-session (1.0.1)
      rack (< 3)
    rack-test (2.1.0)
      rack (>= 1.3)
    rackup (1.0.0)
      rack (< 3)
      webrick
    rails (7.1.0.rc2)
      actioncable (= 7.1.0.rc2)
      actionmailbox (= 7.1.0.rc2)
      actionmailer (= 7.1.0.rc2)
      actionpack (= 7.1.0.rc2)
      actiontext (= 7.1.0.rc2)
      actionview (= 7.1.0.rc2)
      activejob (= 7.1.0.rc2)
      activemodel (= 7.1.0.rc2)
      activerecord (= 7.1.0.rc2)
      activestorage (= 7.1.0.rc2)
      activesupport (= 7.1.0.rc2)
      bundler (>= 1.15.0)
      railties (= 7.1.0.rc2)
    rails-controller-testing (1.0.5)
      actionpack (>= 5.0.1.rc1)
      actionview (>= 5.0.1.rc1)
      activesupport (>= 5.0.1.rc1)
    rails-dom-testing (2.2.0)
      activesupport (>= 5.0.0)
      minitest
      nokogiri (>= 1.6)
    rails-html-sanitizer (1.6.0)
      loofah (~> 2.21)
      nokogiri (~> 1.14)
    railties (7.1.0.rc2)
      actionpack (= 7.1.0.rc2)
      activesupport (= 7.1.0.rc2)
      irb
      rackup (>= 1.0.0)
      rake (>= 12.2)
      thor (~> 1.0, >= 1.2.2)
      zeitwerk (~> 2.6)
    rake (13.0.6)
    reline (0.3.8)
      io-console (~> 0.5)
    ruby2_keywords (0.0.5)
    sqlite3 (1.6.4-x86_64-linux)
    thor (1.2.2)
    timeout (0.4.0)
    tzinfo (2.0.6)
      concurrent-ruby (~> 1.0)
    webrick (1.8.1)
    websocket-driver (0.7.6)
      websocket-extensions (>= 0.1.0)
    websocket-extensions (0.1.5)
    zeitwerk (2.6.12)

PLATFORMS
  x86_64-linux

DEPENDENCIES
  bootsnap
  debug
  faker
  kaminari (~> 1.2)
  puma (~> 5.0)
  rack-cors
  rails (~> 7.1.0.rc1, >= 7.1.0.rc1)
  rails-controller-testing (~> 1.0)
  sqlite3 (~> 1.4)
  tzinfo-data

RUBY VERSION
   ruby 3.2.0p0

BUNDLED WITH
   2.4.13
